GEM
  remote: https://rubygems.org/
  specs:
    addressable (2.3.8)
    jenkins_api_client (1.3.0)
      json
      mixlib-shellout (>= 1.1.0)
      nokogiri (~> 1.6.0)
      terminal-table (>= 1.4.0)
      thor (>= 0.16.0)
    json (1.8.2)
    mini_portile (0.6.2)
    mixlib-shellout (2.1.0)
    nokogiri (1.6.6.2)
      mini_portile (~> 0.6.0)
    terminal-table (1.4.5)
    thor (0.19.1)

PLATFORMS
  ruby

DEPENDENCIES
  addressable
  jenkins_api_client
  nokogiri

BUNDLED WITH
   1.10.3
